PATH
  remote: .
  specs:
    plek (0.1.3)
      builder

GEM
  remote: http://rubygems.org/
  specs:
    builder (3.0.0)

PLATFORMS
  ruby

DEPENDENCIES
  plek!
